GEM
  remote: http://rubygems.org/
  specs:
    brochure (0.5.4)
      hike (~> 1.0)
      rack (~> 1.0)
      tilt (~> 1.1)
    hike (1.2.1)
    json (1.7.4)
    rack (1.4.1)
    rack-rewrite (1.2.1)
    tilt (1.3.3)

PLATFORMS
  ruby

DEPENDENCIES
  brochure
  json
  rack
  rack-rewrite
